GEM
  remote: https://rubygems.org/
  specs:
    curb (0.8.5)
    feedzirra (0.7.1)
      curb (~> 0.8.1)
      loofah (~> 1.2.1)
      sax-machine (~> 0.2.1)
    loofah (1.2.1)
      nokogiri (>= 1.4.4)
    mini_portile (0.5.2)
    nokogiri (1.6.1)
      mini_portile (~> 0.5.0)
    pg (0.17.1)
    rack (1.5.2)
    sax-machine (0.2.1)
      nokogiri (~> 1.6.0)
    sinatra (1.1.0)
      rack (~> 1.1)
      tilt (~> 1.1)
    tilt (1.4.1)

PLATFORMS
  ruby

DEPENDENCIES
  feedzirra
  pg
  sinatra (= 1.1.0)
